GEM
  remote: https://rubygems.org/
  specs:
    addressable (2.5.2)
      public_suffix (>= 2.0.2, < 4.0)
    facter (2.5.1)
    fast_gettext (1.1.2)
    hiera (3.4.2)
    json-schema (2.8.0)
      addressable (>= 2.4)
    locale (2.1.2)
    metadata-json-lint (2.1.0)
      json-schema (~> 2.8)
      spdx-licenses (~> 1.0)
    public_suffix (3.0.2)
    puppet (5.4.0)
      facter (> 2.0.1, < 4)
      fast_gettext (~> 1.1.2)
      hiera (>= 3.2.1, < 4)
      locale (~> 2.1)
    puppet-lint (2.3.3)
    rake (12.3.0)
    spdx-licenses (1.1.0)

PLATFORMS
  ruby

DEPENDENCIES
  metadata-json-lint
  puppet
  puppet-lint
  rake

BUNDLED WITH
   1.16.1
